GEM
  remote: https://rubygems.org/
  specs:
    minitest (5.7.0)
    minitest-matchers (1.4.1)
      minitest (~> 5.0)
    rake (10.4.2)

PLATFORMS
  ruby

DEPENDENCIES
  minitest
  minitest-matchers
  rake

BUNDLED WITH
   1.10.3
